GEM
  remote: https://rubygems.org/
  specs:
    activesupport (3.2.14)
      i18n (~> 0.6, >= 0.6.4)
      multi_json (~> 1.0)
    amq-client (1.0.2)
      amq-protocol (>= 1.2.0)
      eventmachine
    amq-protocol (1.6.0)
    amqp (1.0.2)
      amq-client (~> 1.0.2)
      amq-protocol (>= 1.3.0)
      eventmachine
    antlr3 (1.8.13)
    aws-sdk (1.14.1)
      json (~> 1.4)
      nokogiri (< 1.6.0)
      uuidtools (~> 2.1)
    backports (3.3.3)
    builder (3.2.2)
    daemon_controller (1.1.4)
    diff-lcs (1.2.4)
    erubis (2.7.0)
    eventmachine (1.0.3)
    hashie (1.2.0)
    highline (1.6.19)
    httparty (0.11.0)
      multi_json (~> 1.0)
      multi_xml (>= 0.5.2)
    i18n (0.6.4)
    json (1.8.0)
    multi_json (1.7.7)
    multi_xml (0.5.4)
    nokogiri (1.5.10)
    oca (3.4.1)
      nokogiri
      xmlparser
    occi (2.5.16)
      activesupport
      antlr3
      hashie
      highline
      httparty
      i18n
      json
      nokogiri
      uuidtools
    passenger (4.0.10)
      daemon_controller (>= 1.1.0)
      rack
      rake (>= 0.8.1)
    rack (1.5.2)
    rack-protection (1.5.0)
      rack
    rack-test (0.6.2)
      rack (>= 1.0)
    rake (10.1.0)
    rspec (2.14.1)
      rspec-core (~> 2.14.0)
      rspec-expectations (~> 2.14.0)
      rspec-mocks (~> 2.14.0)
    rspec-core (2.14.4)
    rspec-expectations (2.14.0)
      diff-lcs (>= 1.1.3, < 2.0)
    rspec-http (0.10.0)
      rspec (~> 2.0)
    rspec-mocks (2.14.1)
    simplecov (0.7.1)
      multi_json (~> 1.0)
      simplecov-html (~> 0.7.1)
    simplecov-html (0.7.1)
    sinatra (1.3.6)
      rack (~> 1.4)
      rack-protection (~> 1.3)
      tilt (~> 1.3, >= 1.3.3)
    sinatra-contrib (1.3.2)
      backports (>= 2.0)
      eventmachine
      rack-protection
      rack-test
      sinatra (~> 1.3.0)
      tilt (~> 1.3)
    sinatra-cross_origin (0.2.0)
    tilt (1.4.1)
    uuidtools (2.1.4)
    xml-simple (1.1.2)
    xmlparser (0.7.2.1)
    yard (0.8.7)
    yard-sinatra (1.0.0)
      yard (~> 0.7)

PLATFORMS
  ruby

DEPENDENCIES
  activesupport (~> 3.2.14)
  amqp
  antlr3
  aws-sdk
  builder
  erubis
  hashie (~> 1.2.0)
  json
  nokogiri (~> 1.5.9)
  oca (~> 3.4.0)
  occi (~> 2.5.12)
  passenger
  rspec
  rspec-http
  simplecov
  sinatra (~> 1.3.2)
  sinatra-contrib (~> 1.3.1)
  sinatra-cross_origin (~> 0.2.0)
  uuidtools (~> 2.1.3)
  xml-simple
  yard
  yard-sinatra
