GEM
  remote: https://rubygems.org/
  specs:
    activesupport (3.2.13)
      i18n (~> 0.6)
      multi_json (~> 1.0)
    amq-client (1.0.0)
      amq-protocol (>= 1.2.0)
      eventmachine
    amq-protocol (1.2.0)
    amqp (1.0.0)
      amq-client (~> 1.0.0)
      amq-protocol (~> 1.2.0)
      eventmachine
    antlr3 (1.8.12)
    aws-sdk (1.8.5)
      json (~> 1.4)
      nokogiri (>= 1.4.4)
      uuidtools (~> 2.1)
    backports (3.1.1)
    builder (3.2.0)
    daemon_controller (1.1.2)
    diff-lcs (1.2.2)
    erubis (2.7.0)
    eventmachine (1.0.3)
    fastthread (1.0.7)
    hashie (2.0.3)
    highline (1.6.16)
    httparty (0.10.2)
      multi_json (~> 1.0)
      multi_xml (>= 0.5.2)
    i18n (0.6.4)
    json (1.7.7)
    multi_json (1.7.2)
    multi_xml (0.5.3)
    nokogiri (1.5.9)
    oca (3.4.1)
      nokogiri
      xmlparser
    occi (2.5.16)
      activesupport
      antlr3
      hashie
      highline
      httparty
      i18n
      json
      nokogiri
      uuidtools
    passenger (3.0.19)
      daemon_controller (>= 1.0.0)
      fastthread (>= 1.0.1)
      rack
      rake (>= 0.8.1)
    rack (1.5.2)
    rack-protection (1.5.0)
      rack
    rack-test (0.6.2)
      rack (>= 1.0)
    rake (10.0.4)
    rspec (2.13.0)
      rspec-core (~> 2.13.0)
      rspec-expectations (~> 2.13.0)
      rspec-mocks (~> 2.13.0)
    rspec-core (2.13.1)
    rspec-expectations (2.13.0)
      diff-lcs (>= 1.1.3, < 2.0)
    rspec-http (0.10.0)
      rspec (~> 2.0)
    rspec-mocks (2.13.0)
    simplecov (0.7.1)
      multi_json (~> 1.0)
      simplecov-html (~> 0.7.1)
    simplecov-html (0.7.1)
    sinatra (1.3.6)
      rack (~> 1.4)
      rack-protection (~> 1.3)
      tilt (~> 1.3, >= 1.3.3)
    sinatra-contrib (1.3.2)
      backports (>= 2.0)
      eventmachine
      rack-protection
      rack-test
      sinatra (~> 1.3.0)
      tilt (~> 1.3)
    sinatra-cross_origin (0.2.0)
    tilt (1.3.6)
    uuidtools (2.1.3)
    xml-simple (1.1.2)
    xmlparser (0.7.2.1)
    yard (0.8.5.2)
    yard-sinatra (1.0.0)
      yard (~> 0.7)

PLATFORMS
  ruby

DEPENDENCIES
  activesupport
  amqp
  antlr3
  aws-sdk
  builder
  erubis
  hashie
  json
  nokogiri
  oca (~> 3.4.0)
  occi (~> 2.5.12)
  passenger
  rspec
  rspec-http
  simplecov
  sinatra
  sinatra-contrib
  sinatra-cross_origin
  uuidtools (>= 2.1.3)
  xml-simple
  yard
  yard-sinatra
